GEM
  remote: https://rubygems.org/
  specs:
    ffi (1.9.25)
    kgio (2.11.2)
    multi_json (1.15.0)
    mustermann (3.0.0)
      ruby2_keywords (~> 0.0.1)
    natto (1.1.1)
      ffi (>= 1.9.0)
    rack (2.2.4)
    rack-protection (3.0.4)
      rack
    raindrops (0.19.0)
    ruby2_keywords (0.0.5)
    sinatra (3.0.4)
      mustermann (~> 3.0)
      rack (~> 2.2, >= 2.2.4)
      rack-protection (= 3.0.4)
      tilt (~> 2.0)
    sinatra-contrib (3.0.4)
      multi_json
      mustermann (~> 3.0)
      rack-protection (= 3.0.4)
      sinatra (= 3.0.4)
      tilt (~> 2.0)
    tilt (2.0.11)
    unicorn (5.4.1)
      kgio (~> 2.6)
      raindrops (~> 0.7)

PLATFORMS
  ruby

DEPENDENCIES
  natto
  sinatra
  sinatra-contrib
  unicorn

BUNDLED WITH
   1.17.1
