GEM
  remote: https://rubygems.org/
  specs:
    backports (3.11.2)
    ffi (1.9.23)
    kgio (2.11.2)
    multi_json (1.13.1)
    mustermann (1.0.2)
    natto (1.1.1)
      ffi (>= 1.9.0)
    rack (2.0.4)
    rack-protection (2.0.1)
      rack
    raindrops (0.19.0)
    sinatra (2.0.1)
      mustermann (~> 1.0)
      rack (~> 2.0)
      rack-protection (= 2.0.1)
      tilt (~> 2.0)
    sinatra-contrib (2.0.1)
      backports (>= 2.0)
      multi_json
      mustermann (~> 1.0)
      rack-protection (= 2.0.1)
      sinatra (= 2.0.1)
      tilt (>= 1.3, < 3)
    tilt (2.0.8)
    unicorn (5.4.0)
      kgio (~> 2.6)
      raindrops (~> 0.7)

PLATFORMS
  ruby

DEPENDENCIES
  natto
  sinatra
  sinatra-contrib
  unicorn

BUNDLED WITH
   1.16.1
